GEM
  remote: https://rubygems.org/
  specs:
    citrus (3.0.2)
    pure-x11 (0.0.14)
    racc (1.8.1)
    skrift (0.2.0)
    skrift-x11 (0.2.1)
      pure-x11
      skrift
    toml-rb (4.0.0)
      citrus (~> 3.0, > 3.0)
      racc (~> 1.7)

PLATFORMS
  ruby
  x86_64-linux

DEPENDENCIES
  pure-x11
  skrift
  skrift-x11
  toml-rb

BUNDLED WITH
   2.6.3
